GEM
  remote: https://rubygems.org/
  specs:
    spectr (0.0.12)

PLATFORMS
  ruby

DEPENDENCIES
  spectr

BUNDLED WITH
   1.16.0
